##TITLE=Parameter List, ParaVision 6.0.1
##JCAMPDX=4.24
##DATATYPE=Parameter Values
##ORIGIN=Bruker BioSpin MRI GmbH
##OWNER=mri
$$ 2022-03-25 15:21:17.452 +0800  mri@CZC628941P
$$ /opt/PV6.0.1/data/mri/20220325_145341_20220325_cdn_marmoset_f4_1_1/13/pdata/1/visu_pars
$$ process /opt/PV6.0.1/prog/bin/parxserver
##$VisuVersion=3
##$VisuUid=( 65 )
<2.16.756.5.5.100.8323328.87543.1648192877.1>
##$VisuCreator=( 65 )
<ParaVision>
##$VisuCreatorVersion=( 65 )
<6.0.1>
##$VisuCreationDate=<2022-03-25T15:21:17,451+0800>
##$VisuInstanceModality=( 65 )
<MR>
$$ @vis= VisuVersion VisuUid VisuCreator VisuCreatorVersion VisuCreationDate
##$VisuCoreFrameCount=150
##$VisuCoreDim=2
##$VisuCoreSize=( 2 )
72 72
$$ @vis= VisuInstanceModality VisuInstance VisuCoreFrameCount VisuCoreDim
##$VisuCoreDimDesc=( 2 )
spatial spatial
##$VisuCoreExtent=( 2 )
36 36
##$VisuCoreFrameThickness=( 1 )
1
##$VisuCoreUnits=( 2, 65 )
<mm> <mm>
$$ @vis= VisuCoreSize VisuCoreDimDesc VisuCoreExtent VisuCoreFrameThickness
##$VisuCoreOrientation=( 15, 9 )
1 0 0 0 1 0 0 0 1 1 0 0 0 1 0 0 0 1 1 0 0 0 1 0 0 0 1 1 0 0 0 1 0 0 0 1 1 0 0 
0 1 0 0 0 1 1 0 0 0 1 0 0 0 1 1 0 0 0 1 0 0 0 1 1 0 0 0 1 0 0 0 1 1 0 0 0 1 0 
0 0 1 1 0 0 0 1 0 0 0 1 1 0 0 0 1 0 0 0 1 1 0 0 0 1 0 0 0 1 1 0 0 0 1 0 0 0 1 
1 0 0 0 1 0 0 0 1 1 0 0 0 1 0 0 0 1
##$VisuCorePosition=( 15, 3 )
-18 -15.33333 -9.64208 -18 -15.33333 -8.44208 -18 -15.33333 -7.24208 -18 
-15.33333 -6.04208 -18 -15.33333 -4.84208 -18 -15.33333 -3.64208 -18 
-15.33333 -2.44208 -18 -15.33333 -1.24208 -18 -15.33333 -0.0420800000000001 
-18 -15.33333 1.15792 -18 -15.33333 2.35792 -18 -15.33333 3.55792 -18 
-15.33333 4.75792 -18 -15.33333 5.95792 -18 -15.33333 7.15792
##$VisuCoreDataMin=( 150 )
43.0740416459619 32.383262747985 36.012929242138 47.7765820691107 
35.758599773596 39.831533918339 41.8560351115687 57.9190265045013 
41.6854729777575 38.6287156575986 77.657790037695 68.5594039271394 
54.0416263754924 62.3988387154294 60.8644250175872 37.8768025446878 
25.397168685103 32.2561749563833 51.0260642672532 34.7763811963278 
44.2906745466565 45.9913794122696 50.4798162888095 48.3619186580384 
49.4898865531971 63.0894016948446 66.5267393780101 52.2013121366232 
61.8204174393351 50.4397363863279 45.9951084711331 26.1220810776077 
35.5990760855827 42.6792025567531 26.1372468848378 35.6618032041506 
59.8241172850915 58.5774485527066 37.6963478657554 54.2063746328258 
53.435001235111 61.2946795216481 53.4704559244131 71.1610572655136 
67.4679865764707 42.9368010769516 27.9050187052128 28.8313253647625 
46.0875951663301 38.4361542595793 36.287432694371 50.8875112095879 
67.1584625295766 41.8544674590532 55.9192345942827 62.991739874345 
64.7039333995685 37.8221173448917 68.5377814580114 60.7533241140003 
39.2409784299522 29.6936079621338 34.3676695360743 54.5749738524385 
29.4198866689643 41.5962220355805 57.8925160945357 48.8398833104204 
40.2707733003004 48.5648016988379 65.0062460111279 51.0275836134097 
50.7258486460262 65.7174541914496 64.9480275686895 24.972002225514 
33.5570691087399 32.6323429696995 45.2343667525686 46.0022219621747 
35.2432006740129 45.3544802575005 55.1418184752421 44.664158390385 
54.4092658700506 50.2256341652211 49.1683316965088 51.1607717643856 
67.2443670082873 69.2997984471543 31.3844982629922 33.6321733920169 
31.8911620997132 45.2042919620135 43.0304157873841 39.4737240459822 
57.040599496163 63.9126019465794 49.2448037609568 48.3783301477349 
58.2448507768211 53.6410531086752 52.5115499971505 75.4948133629816 
75.9085102934471 39.5061190395497 33.4184531443642 32.4390393817775 
50.0591089777587 41.6926190746678 37.8186969319159 55.7805510632586 
55.9130791990319 54.1825829098732 37.8910056700819 75.0047314870101 
59.3331379175777 52.0530049811351 66.2856222103002 73.2203968952613 
34.1910237681278 36.4824154203678 34.2315533192065 54.1262774975712 
41.6145987104064 39.2141104236168 56.196581803962 59.0070747323935 
46.1650975520032 41.2839872108327 47.7527208608443 56.3196627006318 
55.2018895010089 71.817830642705 67.0268689213241 45.3692461777812 
37.629241941365 33.5440292870708 44.4169246961445 41.211272995728 
34.2166977427738 51.9950653231703 59.766070128708 48.280826476089 
52.9904751797869 45.9858898598153 48.0025281252104 46.6987769967038 
65.6824473194451 65.7883254229629
##$VisuCoreDataMax=( 150 )
5261.0663410052 5130.28299987116 5137.62122044403 4789.04928518849 
5148.05904010979 5912.3753557487 6140.93407208045 6355.09894253976 
5471.80224229967 6413.68475824479 7020.508296069 8191.625 7823.96699956918 
8005.7378694763 6190.6323111311 5112.67080356561 5173.9617899456 
5058.69122995491 4800.90645986599 5266.71421379237 5915.42212583968 
6160.65004930651 6290.65712242951 5363.9737559947 6419.17544726654 
7047.18403909899 8223.18432075924 7768.51905611944 8059.13936585827 
6240.93667436982 5144.69234242592 5168.88396740625 5071.13171530636 
4760.78182839066 5224.79513655563 5829.37414495804 6078.14093983999 
6346.37227544249 5458.79636848725 6438.04738404426 7675.97634532938 
8605.04250598107 8192.80299599235 8177.11452868722 6985.31601780877 
5131.11747069125 5170.92824391886 5130.61708169262 4770.41654455145 
5232.15726571768 5855.48300821661 6119.51603061237 6293.37987850842 
5425.25592773683 6540.32330145448 7076.65256745816 8339.50848099184 
7896.56976655783 8073.41004415258 6123.0326922467 5190.44632848779 
5197.9373213185 5206.62014313074 4815.86296063773 5269.08672707958 
5916.84770970015 6095.31807696642 6380.03865598274 5466.10794042297 
6546.56772166463 6947.05915170388 8143.72390543583 7655.39631564496 
7921.75846965286 6175.41014086869 5102.23673243194 5191.6624695325 
5040.4098452416 4785.61945954673 5235.32712589042 5941.21514238071 
6068.86509652814 6336.19422870742 5447.9597992175 6448.14146966628 
7653.92043487479 8579.08852281783 8051.10125054594 8047.87568946409 
7489.43457102894 5126.79657899491 5218.09577887788 5160.12796897561 
4833.05497506508 5254.9223443332 5795.12930932091 6059.10850307381 
6340.54025708104 5410.20575948421 6476.42777554259 7290.42759066808 
8299.2884575017 7703.97072132463 7453.21360659019 6942.67449992544 
5196.55516779707 5243.36188605743 5100.68828098435 4789.87234840396 
5256.7900127476 5871.7723870585 6045.19346696078 6347.61812629616 
5497.28717605009 6557.880448349 7030.31324241678 8401.16315544899 
7938.10561051914 8419.69817144972 6260.74266263998 5156.16788269308 
5206.92717196205 5060.91805055882 4789.85881464527 5289.71752296078 
5867.61963080491 6051.70797527209 6306.45464989895 5457.12623922027 
6428.59726567582 7649.61219213702 8427.97791872474 7904.78333114889 
7592.91350435556 7293.78059030032 5239.27516746197 5276.94489550909 
5148.97301558284 4772.05126853918 5291.25383839014 5874.27094321237 
6155.57891656595 6310.90588576213 5460.68143879039 6412.40359510755 
7377.57499712164 8191.16628882564 8088.99210109774 7379.63933225042 
6557.69514094382
$$ @vis= VisuCoreUnits VisuCoreOrientation VisuCorePosition VisuCoreDataMin
##$VisuCoreDataOffs=( 150 )
0 0 0 0 0 0 0 0 0 0 0 0 0 0 0 0 0 0 0 0 0 0 0 0 0 0 0 0 0 0 0 0 0 0 0 0 0 0 0 
0 0 0 0 0 0 0 0 0 0 0 0 0 0 0 0 0 0 0 0 0 0 0 0 0 0 0 0 0 0 0 0 0 0 0 0 0 0 0 
0 0 0 0 0 0 0 0 0 0 0 0 0 0 0 0 0 0 0 0 0 0 0 0 0 0 0 0 0 0 0 0 0 0 0 0 0 0 0 
0 0 0 0 0 0 0 0 0 0 0 0 0 0 0 0 0 0 0 0 0 0 0 0 0 0 0 0 0 0 0 0 0
##$VisuCoreDataSlope=( 150 )
0.0286758273008016 0.0286758273008016 0.0286758273008016 0.0286758273008016 
0.0286758273008016 0.0286758273008016 0.0286758273008016 0.0286758273008016 
0.0286758273008016 0.0286758273008016 0.0286758273008016 0.0286758273008016 
0.0286758273008016 0.0286758273008016 0.0286758273008016 0.0286758273008016 
0.0286758273008016 0.0286758273008016 0.0286758273008016 0.0286758273008016 
0.0286758273008016 0.0286758273008016 0.0286758273008016 0.0286758273008016 
0.0286758273008016 0.0286758273008016 0.0286758273008016 0.0286758273008016 
0.0286758273008016 0.0286758273008016 0.0286758273008016 0.0286758273008016 
0.0286758273008016 0.0286758273008016 0.0286758273008016 0.0286758273008016 
0.0286758273008016 0.0286758273008016 0.0286758273008016 0.0286758273008016 
0.0286758273008016 0.0286758273008016 0.0286758273008016 0.0286758273008016 
0.0286758273008016 0.0286758273008016 0.0286758273008016 0.0286758273008016 
0.0286758273008016 0.0286758273008016 0.0286758273008016 0.0286758273008016 
0.0286758273008016 0.0286758273008016 0.0286758273008016 0.0286758273008016 
0.0286758273008016 0.0286758273008016 0.0286758273008016 0.0286758273008016 
0.0286758273008016 0.0286758273008016 0.0286758273008016 0.0286758273008016 
0.0286758273008016 0.0286758273008016 0.0286758273008016 0.0286758273008016 
0.0286758273008016 0.0286758273008016 0.0286758273008016 0.0286758273008016 
0.0286758273008016 0.0286758273008016 0.0286758273008016 0.0286758273008016 
0.0286758273008016 0.0286758273008016 0.0286758273008016 0.0286758273008016 
0.0286758273008016 0.0286758273008016 0.0286758273008016 0.0286758273008016 
0.0286758273008016 0.0286758273008016 0.0286758273008016 0.0286758273008016 
0.0286758273008016 0.0286758273008016 0.0286758273008016 0.0286758273008016 
0.0286758273008016 0.0286758273008016 0.0286758273008016 0.0286758273008016 
0.0286758273008016 0.0286758273008016 0.0286758273008016 0.0286758273008016 
0.0286758273008016 0.0286758273008016 0.0286758273008016 0.0286758273008016 
0.0286758273008016 0.0286758273008016 0.0286758273008016 0.0286758273008016 
0.0286758273008016 0.0286758273008016 0.0286758273008016 0.0286758273008016 
0.0286758273008016 0.0286758273008016 0.0286758273008016 0.0286758273008016 
0.0286758273008016 0.0286758273008016 0.0286758273008016 0.0286758273008016 
0.0286758273008016 0.0286758273008016 0.0286758273008016 0.0286758273008016 
0.0286758273008016 0.0286758273008016 0.0286758273008016 0.0286758273008016 
0.0286758273008016 0.0286758273008016 0.0286758273008016 0.0286758273008016 
0.0286758273008016 0.0286758273008016 0.0286758273008016 0.0286758273008016 
0.0286758273008016 0.0286758273008016 0.0286758273008016 0.0286758273008016 
0.0286758273008016 0.0286758273008016 0.0286758273008016 0.0286758273008016 
0.0286758273008016 0.0286758273008016 0.0286758273008016 0.0286758273008016 
0.0286758273008016 0.0286758273008016
##$VisuCoreFrameType=( 1 )
MAGNITUDE_IMAGE
##$VisuCoreSlicePacksDef=(0, 1)
$$ @vis= VisuCoreDataMax VisuCoreDataOffs VisuCoreDataSlope VisuCoreFrameType
##$VisuCoreSlicePacksSlices=( 1 )
(0, 15)
##$VisuCoreSlicePacksSliceDist=( 1 )
1.2
$$ @vis= VisuCoreSlicePacksDef VisuCoreSlicePacksSlices
##$VisuCoreWordType=_16BIT_SGN_INT
##$VisuCoreByteOrder=littleEndian
$$ @vis= VisuCoreSlicePacksSliceDist VisuCore VisuCoreWordType
##$VisuFGOrderDescDim=2
##$VisuFGOrderDesc=( 2 )
(15, <FG_SLICE>, <>, 0, 2) (10, <FG_CYCLE>, <>, 2, 0)
##$VisuGroupDepVals=( 2 )
(<VisuCoreOrientation>, 0) (<VisuCorePosition>, 0)
$$ @vis= VisuCoreByteOrder VisuPixel VisuFGOrderDescDim VisuFGOrderDesc
##$VisuSubjectName=( 65 )
<20220325_cdn_marmoset_f4>
##$VisuSubjectId=( 65 )
<20220325_cdn_marmoset_f4>
##$VisuSubjectUid=( 65 )
<2.16.756.5.5.100.8323328.10831.1648191221.1223>
$$ @vis= VisuGroupDepVals VisuFrameOrderDesc VisuSubjectName VisuSubjectId
##$VisuSubjectInstanceCreationDate=(1648191221, 618, 480)
##$VisuSubjectBirthDate=( 9 )
<20220325>
##$VisuSubjectSex=UNKNOWN
$$ @vis= VisuSubjectUid VisuSubjectInstanceCreationDate VisuSubjectBirthDate
##$VisuSubjectType=Biped
##$VisuStudyUid=( 65 )
<2.16.756.5.5.100.8323328.10831.1648191221.1224>
##$VisuStudyDate=<2022-03-25T14:53:41,618+0800>
$$ @vis= VisuSubjectSex VisuSubjectType VisuSubject VisuStudyUid
##$VisuStudyId=( 65 )
<20220325_cdn_marmoset_f4>
##$VisuStudyNumber=1
##$VisuSubjectWeight=0.001
##$VisuStudyReferringPhysician=( 65 )
<mri>
$$ @vis= VisuStudyDate VisuStudyId VisuStudyNumber VisuSubjectWeight
##$VisuStudyDescription=( 2048 )
<\
>
##$VisuExperimentNumber=13
$$ @vis= VisuStudyReferringPhysician VisuStudyDescription VisuStudy
##$VisuProcessingNumber=1
##$VisuSeriesDate=<2022-03-25T15:21:17,451+0800>
##$VisuSubjectPosition=Head_Supine
$$ @vis= VisuExperimentNumber VisuProcessingNumber VisuSeriesDate
##$VisuSeriesTypeId=( 65 )
<ACQ_USER_PVM>
##$VisuSeriesComment=( 65 )
<multiBandsEPI_ref>
$$ @vis= VisuSubjectPosition VisuSeriesTypeId VisuSeriesComment VisuSeries
##$VisuManufacturer=( 65 )
<Bruker BioSpin MRI GmbH>
##$VisuAcqSoftwareVersion=( 65 )
<6.0.1>
$$ @vis= VisuCoilReceive VisuCoilTransmit VisuContrastAgent VisuManufacturer
##$VisuInstitution=( 65 )
<Shanghai Institute for Biological Sciences>
##$VisuStation=( 65 )
<BioSpec 94/30 USR AV3HD>
##$VisuSystemOrderNumber=( 65 )
<10239849>
$$ @vis= VisuAcqSoftwareVersion VisuInstitution VisuStation
##$VisuAcqDate=<2022-03-25T15:20:32,052+0800>
##$VisuAcqEchoTrainLength=28
$$ @vis= VisuSystemOrderNumber VisuEquipment VisuAcqDate
##$VisuAcqSequenceName=( 40 )
<User:multiBandsEPI>
##$VisuAcqNumberOfAverages=1
##$VisuAcqImagingFrequency=400.314136997127
$$ @vis= VisuAcqEchoTrainLength VisuAcqSequenceName VisuAcqNumberOfAverages
##$VisuAcqImagedNucleus=( 8 )
<1H>
##$VisuAcqRepetitionTime=( 1 )
3000
##$VisuAcqPhaseEncSteps=28
$$ @vis= VisuAcqImagingFrequency VisuAcqImagedNucleus VisuAcqRepetitionTime
##$VisuAcqPixelBandwidth=2777.77777777778
##$VisuAcqFlipAngle=77
##$VisuAcqSize=( 2 )
72 28
$$ @vis= VisuAcqPhaseEncSteps VisuAcqPixelBandwidth VisuAcqFlipAngle
##$VisuAcqImageSizeAccellerated=Yes
##$VisuAcqGradEncoding=( 2 )
read_enc phase_enc
##$VisuAcqEchoTime=( 1 )
15
$$ @vis= VisuAcqSize VisuAcqImageSizeAccellerated VisuAcqGradEncoding
##$VisuAcquisitionProtocol=( 65 )
<multiBandsEPI>
##$VisuAcqScanTime=30000
##$VisuAcqAntiAlias=( 2 )
1 1
$$ @vis= VisuAcqEchoTime VisuAcquisitionProtocol VisuAcqScanTime
##$VisuAcqEchoSequenceType=Both
##$VisuAcqSpinsVelocityEncoded=No
##$VisuAcqHasTimeOfFlightContrast=No
$$ @vis= VisuAcqAntiAlias VisuAcqEchoSequenceType VisuAcqSpinsVelocityEncoded
##$VisuAcqIsEpiSequence=Yes
##$VisuAcqSpectralSuppression=NoSuppression
$$ @vis= VisuAcqHasTimeOfFlightContrast VisuAcqIsEpiSequence
##$VisuAcqKSpaceTraversal=RectilinearTraversal
##$VisuAcqEncodingOrder=( 2 )
LinearEncoding LinearEncoding
$$ @vis= VisuAcqSpectralSuppression VisuAcqKSpaceTraversal
##$VisuAcqKSpaceTrajectoryCnt=1
##$VisuAcqKSpaceFiltering=( 2 )
NO_WDW NO_WDW
$$ @vis= VisuAcqEncodingOrder VisuAcqKSpaceTrajectoryCnt
##$VisuAcqFlowCompensation=FlowNone
##$VisuAcqSpoiling=GradientSpoiled
##$VisuAcqSaturation=( 1 )
(FovSaturation, 15, -0.00189925321811882 -0.999977223703315 
-0.0064764891587626, 0.04330319754984 22.7995987318928 0.147664717266652)
$$ @vis= VisuAcqKSpaceFiltering VisuAcqFlowCompensation VisuAcqSpoiling
##$VisuAcqPartialFourier=( 2 )
1 1
##$VisuAcqParallelReductionFactor=( 2 )
1 2
$$ @vis= VisuAcqSaturation VisuAcqPartialFourier
##$VisuAcqMagnetizationTransfer=No
##$VisuAcqBloodSignalNulling=No
$$ @vis= VisuAcqParallelReductionFactor VisuAcqMagnetizationTransfer
##$VisuCardiacSynchUsed=No
##$VisuRespSynchUsed=No
$$ @vis= VisuAcqBloodSignalNulling VisuCardiacSynchUsed VisuRespSynchUsed
$$ @vis= VisuAcquisition VisuMpi VisuDepricated Visu
##END=
$$ File finished by PARX at 2022-03-25 15:21:17.453 +0800
