##TITLE=Parameter List, ParaVision 6.0.1
##JCAMPDX=4.24
##DATATYPE=Parameter Values
##ORIGIN=Bruker BioSpin MRI GmbH
##OWNER=mri
$$ 2022-03-25 15:19:10.485 +0800  mri@CZC628941P
$$ /opt/PV6.0.1/data/mri/20220325_145341_20220325_cdn_marmoset_f4_1_1/12/acqp
$$ process /opt/PV6.0.1/prog/mod/acq_out
##$PULPROG=( 32 )
<multiBandsEPI.ppg>
##$GRDPROG=( 16 )
<>
##$ACQ_experiment_mode=ParallelExperiment
##$ACQ_ReceiverSelect=( 8 )
Yes Yes Yes Yes Yes Yes Yes Yes
##$ACQ_PexSelect=0
##$ACQ_load_shim_set_list=No
$$ @vis= PULPROG GRDPROG ACQ_experiment_mode ACQ_ReceiverSelect
##$ACQ_user_filter=No
##$ACQ_DS_enabled=No
##$ACQ_switch_pll_enabled=No
$$ @vis= ACQ_load_shim_set_list ACQ_user_filter ACQ_DS_enabled
##$ACQ_preload=0
##$ACQ_branch_preload=( 10, 2 )
1000000 1000000 1000000 1000000 1000000 1000000 1000000 1000000 1000000 
1000000 1000000 1000000 1000000 1000000 1000000 1000000 1000000 1000000 500 
500
##$ACQ_jobs_size=0
##$ACQ_jobs=( 1 )
(0, 1, 0, 1, 64, 100, 0, 0)
##$ACQ_dim=2
$$ @vis= ACQ_switch_pll_enabled ACQ_preload ACQ_branch_preload ACQ_jobs_size
##$ACQ_dim_desc=( 2 )
Spatial Spatial
##$ACQ_size=( 2 )
4032 1
##$ACQ_ns_list_size=1
##$ACQ_ns=1
##$ACQ_ns_list=( 1 )
1
##$ACQ_phase_factor=1
$$ @vis= ACQ_dim ACQ_dim_desc ACQ_size ACQ_ns_list_size ACQ_ns ACQ_ns_list
##$ACQ_scan_size=ACQ_phase_factor_scans
##$NI=15
##$NA=4
##$NAE=1
##$NR=11
##$DS=0
##$D=( 64 )
0.0263476666666667 0.001708 0.005382 0.000302 0.000292 0.002 2.2 0.00751 
2.5e-05 0.00270800000000001 0 0 0 0 0 0 0 0 0 0 0 0 0 0 0 0 0 0 0 0 0 0 0 0 0 
0 0 0 0 0 0 0 0 0 0 0 0 0 0 0 0 0 0 0 0 0 0 0 0 0 0 0 0 0
##$P=( 64 )
2500 3000.00000000001 2500 2500 2500 2200 2100 2100 2100 2100 2100 2100 0 0 0 
0 0 0 0 0 0 0 0 0 0 0 0 0 0 0 0 0 0 0 0 0 0 0 0 0 0 0 0 0 0 0 0 0 0 0 0 0 0 0 
0 0 0 0 0 0 0 0 0 0
##$PLW=( 64 )
0 0 0 0 0 0 0 0 0 0 0 0 0 0 0 0 0 0 0 0 0 0 0 0 0 0 0 0 0 0 0 0 0 0 0 0 0 0 0 
0 0 0 0 0 0 0 0 0 0 0 0 0 0 0 0 0 0 0 0 0 0 0 0 0
##$SPPEX=( 64 )
0 0 0 0 0 0 0 0 0 0 0 0 0 0 0 0 0 0 0 0 0 0 0 0 0 0 0 0 0 0 0 0 0 0 0 0 0 0 0 
0 0 0 0 0 0 0 0 0 0 0 0 0 0 0 0 0 0 0 0 0 0 0 0 0
##$ACQ_RfShapes=( 64 )
(<RefRFSB00.exc>, 83.1553994995316, 0, 0.5, 0, 100 100 100 100 100 100 100 
100, 0 0 0 0 0 0 0 0) (<$RefPulseShape>, 403.999899674115, 0, 0, 0, 100 100 
100 100 100 100 100 100, 0 0 0 0 0 0 0 0) (<MB2x15RF.exc>, 338.210660867871, 
0, 0.5, 0, 100 100 100 100 100 100 100 100, 0 0 0 0 0 0 0 0) 
(<MB2x15RFRefSB01.exc>, 83.1553994995316, 0, 0.5, 0, 100 100 100 100 100 100 
100 100, 0 0 0 0 0 0 0 0) (<MB2x15RFRefSB02.exc>, 83.1553994995316, 0, 0.5, 0,
 100 100 100 100 100 100 100 100, 0 0 0 0 0 0 0 0) (<MB3x10RFRefSB03.exc>, 
146.699515188121, 0, 0.5, 0, 100 100 100 100 100 100 100 100, 0 0 0 0 0 0 0 0)
 (<$RefPulse04Shape>, 184.942962304634, 0, 0.5, 0, 100 100 100 100 100 100 
100 100, 0 0 0 0 0 0 0 0) (<$RefPulse05Shape>, 184.942962304634, 0, 0.5, 0, 
100 100 100 100 100 100 100 100, 0 0 0 0 0 0 0 0) (<$RefPulse06Shape>, 
184.942962304634, 0, 0.5, 0, 100 100 100 100 100 100 100 100, 0 0 0 0 0 0 0 0)
 (<$RefPulse07Shape>, 184.942962304634, 0, 0.5, 0, 100 100 100 100 100 100 
100 100, 0 0 0 0 0 0 0 0) (<$RefPulse08Shape>, 184.942962304634, 0, 0.5, 0, 
100 100 100 100 100 100 100 100, 0 0 0 0 0 0 0 0) (<$RefPulse09Shape>, 
184.942962304634, 0, 0.5, 0, 100 100 100 100 100 100 100 100, 0 0 0 0 0 0 0 0)
 (<>, 0, 0, 0.5, 0, 0 0 0 0 0 0 0 0, 0 0 0 0 0 0 0 0) (<>, 0, 0, 0.5, 0, 0 0 
0 0 0 0 0 0, 0 0 0 0 0 0 0 0) (<>, 0, 0, 0.5, 0, 0 0 0 0 0 0 0 0, 0 0 0 0 0 0 
0 0) (<>, 0, 0, 0.5, 0, 0 0 0 0 0 0 0 0, 0 0 0 0 0 0 0 0) (<>, 0, 0, 0.5, 0, 
0 0 0 0 0 0 0 0, 0 0 0 0 0 0 0 0) (<>, 0, 0, 0.5, 0, 0 0 0 0 0 0 0 0, 0 0 0 0 
0 0 0 0) (<>, 0, 0, 0.5, 0, 0 0 0 0 0 0 0 0, 0 0 0 0 0 0 0 0) (<>, 0, 0, 0.5, 
0, 0 0 0 0 0 0 0 0, 0 0 0 0 0 0 0 0) (<>, 0, 0, 0.5, 0, 0 0 0 0 0 0 0 0, 0 0 
0 0 0 0 0 0) (<>, 0, 0, 0.5, 0, 0 0 0 0 0 0 0 0, 0 0 0 0 0 0 0 0) (<>, 0, 0, 
0.5, 0, 0 0 0 0 0 0 0 0, 0 0 0 0 0 0 0 0) (<>, 0, 0, 0.5, 0, 0 0 0 0 0 0 0 0, 
0 0 0 0 0 0 0 0) (<>, 0, 0, 0.5, 0, 0 0 0 0 0 0 0 0, 0 0 0 0 0 0 0 0) (<>, 0, 
0, 0.5, 0, 0 0 0 0 0 0 0 0, 0 0 0 0 0 0 0 0) (<>, 0, 0, 0.5, 0, 0 0 0 0 0 0 0 
0, 0 0 0 0 0 0 0 0) (<>, 0, 0, 0.5, 0, 0 0 0 0 0 0 0 0, 0 0 0 0 0 0 0 0) (<>, 
0, 0, 0.5, 0, 0 0 0 0 0 0 0 0, 0 0 0 0 0 0 0 0) (<>, 0, 0, 0.5, 0, 0 0 0 0 0 
0 0 0, 0 0 0 0 0 0 0 0) (<>, 0, 0, 0.5, 0, 0 0 0 0 0 0 0 0, 0 0 0 0 0 0 0 0) 
(<>, 0, 0, 0.5, 0, 0 0 0 0 0 0 0 0, 0 0 0 0 0 0 0 0) (<>, 0, 0, 0.5, 0, 0 0 0 
0 0 0 0 0, 0 0 0 0 0 0 0 0) (<>, 0, 0, 0.5, 0, 0 0 0 0 0 0 0 0, 0 0 0 0 0 0 0 
0) (<>, 0, 0, 0.5, 0, 0 0 0 0 0 0 0 0, 0 0 0 0 0 0 0 0) (<>, 0, 0, 0.5, 0, 0 
0 0 0 0 0 0 0, 0 0 0 0 0 0 0 0) (<>, 0, 0, 0.5, 0, 0 0 0 0 0 0 0 0, 0 0 0 0 0 
0 0 0) (<>, 0, 0, 0.5, 0, 0 0 0 0 0 0 0 0, 0 0 0 0 0 0 0 0) (<>, 0, 0, 0.5, 0,
 0 0 0 0 0 0 0 0, 0 0 0 0 0 0 0 0) (<>, 0, 0, 0.5, 0, 0 0 0 0 0 0 0 0, 0 0 0 
0 0 0 0 0) (<$PVM_FatSupPulShape>, 90.7619045991015, 0, 0.5, 0, 100 100 100 
100 100 100 100 100, 0 0 0 0 0 0 0 0) (<$PVM_FovSatPulShape>, 
447.485011755623, 0, 0.5, 0, 100 100 100 100 100 100 100 100, 0 0 0 0 0 0 0 0)
 (<>, 0, 0, 0.5, 0, 0 0 0 0 0 0 0 0, 0 0 0 0 0 0 0 0) (<>, 0, 0, 0.5, 0, 0 0 
0 0 0 0 0 0, 0 0 0 0 0 0 0 0) (<>, 0, 0, 0.5, 0, 0 0 0 0 0 0 0 0, 0 0 0 0 0 0 
0 0) (<bp.exc>, 448.549482539427, 0, 0.5, 0, 100 100 100 100 100 100 100 100, 
0 0 0 0 0 0 0 0) (<>, 0, 0, 0.5, 0, 0 0 0 0 0 0 0 0, 0 0 0 0 0 0 0 0) (<>, 0, 
0, 0.5, 0, 0 0 0 0 0 0 0 0, 0 0 0 0 0 0 0 0) (<>, 0, 0, 0.5, 0, 0 0 0 0 0 0 0 
0, 0 0 0 0 0 0 0 0) (<>, 0, 0, 0.5, 0, 0 0 0 0 0 0 0 0, 0 0 0 0 0 0 0 0) (<>, 
0, 0, 0.5, 0, 0 0 0 0 0 0 0 0, 0 0 0 0 0 0 0 0) (<>, 0, 0, 0.5, 0, 0 0 0 0 0 
0 0 0, 0 0 0 0 0 0 0 0) (<>, 0, 0, 0.5, 0, 0 0 0 0 0 0 0 0, 0 0 0 0 0 0 0 0) 
(<>, 0, 0, 0.5, 0, 0 0 0 0 0 0 0 0, 0 0 0 0 0 0 0 0) (<>, 0, 0, 0.5, 0, 0 0 0 
0 0 0 0 0, 0 0 0 0 0 0 0 0) (<>, 0, 0, 0.5, 0, 0 0 0 0 0 0 0 0, 0 0 0 0 0 0 0 
0) (<>, 0, 0, 0.5, 0, 0 0 0 0 0 0 0 0, 0 0 0 0 0 0 0 0) (<>, 0, 0, 0.5, 0, 0 
0 0 0 0 0 0 0, 0 0 0 0 0 0 0 0) (<>, 0, 0, 0.5, 0, 0 0 0 0 0 0 0 0, 0 0 0 0 0 
0 0 0) (<>, 0, 0, 0.5, 0, 0 0 0 0 0 0 0 0, 0 0 0 0 0 0 0 0) (<>, 0, 0, 0.5, 0,
 0 0 0 0 0 0 0 0, 0 0 0 0 0 0 0 0) (<>, 0, 0, 0.5, 0, 0 0 0 0 0 0 0 0, 0 0 0 
0 0 0 0 0) (<>, 0, 0, 0.5, 0, 0 0 0 0 0 0 0 0, 0 0 0 0 0 0 0 0) (<>, 0, 0, 
0.5, 0, 0 0 0 0 0 0 0 0, 0 0 0 0 0 0 0 0)
##$SW_h=200000
$$ @vis= ACQ_phase_factor ACQ_scan_size NI NA NAE NR DS D P PLW ACQ_RfShapes
##$SW=499.607636893012
##$FW=0
##$RG=101
##$AQ_mod=qdig
##$DR=20
##$PAPS=QP
##$PH_ref=0
##$BF1=400.314136997127
##$SFO1=400.314136997127
##$O1=0
##$ACQ_O1_list_size=15
##$ACQ_O1_list=( 15 )
-16970.0608 -14858.0608 -12746.0608 -10634.0608 -8522.0608 -6410.0608 
-4298.0608 -2186.0608 -74.0608000000002 2037.9392 4149.9392 6261.9392 
8373.9392 10485.9392 12597.9392
$$ @vis= SW_h SW RG AQ_mod DR PAPS PH_ref BF1 SFO1 O1 ACQ_O1_list_size
##$ACQ_O1B_list_size=15
##$ACQ_O1B_list=( 15 )
0 0 0 0 0 0 0 0 0 0 0 0 0 0 0
##$BF2=400.327
##$SFO2=400.327
##$O2=0
##$ACQ_O2_list_size=1
$$ @vis= ACQ_O1_list ACQ_O1B_list_size ACQ_O1B_list BF2 SFO2 O2
##$ACQ_O2_list=( 1 )
0
##$BF3=400.327
##$SFO3=400.327
##$O3=0
##$ACQ_O3_list_size=1
##$ACQ_O3_list=( 1 )
0
$$ @vis= ACQ_O2_list_size ACQ_O2_list BF3 SFO3 O3 ACQ_O3_list_size
##$BF4=400.327
##$SFO4=400.327
##$O4=0
##$BF5=400.327
##$SFO5=400.327
##$O5=0
##$BF6=400.327
##$SFO6=400.327
##$O6=0
##$BF7=400.327
##$SFO7=400.327
##$O7=0
##$BF8=400.327
##$SFO8=400.327
##$O8=0
$$ @vis= ACQ_O3_list BF4 SFO4 O4 BF5 SFO5 O5 BF6 SFO6 O6 BF7 SFO7 O7 BF8 SFO8
##$NUC1=( 8 )
<1H>
##$NUC2=( 8 )
<off>
##$NUC3=( 8 )
<off>
##$NUC4=( 8 )
<off>
##$NUC5=( 8 )
<off>
##$NUC6=( 8 )
<off>
##$NUC7=( 8 )
<off>
##$NUC8=( 8 )
<off>
##$NUCLEUS=( 8 )
<1H>
##$ACQ_Routing=RouteDefinedByCoil
##$ACQ_Routing_base_ext=( 128 )
<parallel>
##$L=( 32 )
2 4 1 2 0 14 0 1 0 0 0 0 0 0 0 0 0 0 0 0 0 0 0 0 0 0 0 0 0 0 0 0
##$ACQ_vd_list_size=1
$$ @vis= O8 NUC1 NUC2 NUC3 NUC4 NUC5 NUC6 NUC7 NUC8 NUCLEUS L
##$ACQ_vd_list=( 1 )
1e-06
##$ACQ_vp_list_size=1
##$ACQ_vp_list=( 1 )
1e-06
##$ACQ_protocol_name=( 64 )
<multiBandsEPI>
$$ @vis= ACQ_vd_list_size ACQ_vd_list ACQ_vp_list_size ACQ_vp_list
##$ACQ_scan_name=( 64 )
<multiBandsEPI_ref (E12)>
##$ACQ_method=( 40 )
<User:multiBandsEPI>
##$ACQ_completed=Yes
##$ACQ_pipe_status=Wrapup
$$ @vis= ACQ_protocol_name ACQ_scan_name ACQ_method ACQ_completed
##$ACQ_scans_completed=0
##$ACQ_nr_completed=11
##$ACQ_total_completed=165
$$ @vis= ACQ_pipe_status ACQ_scans_completed ACQ_nr_completed
##$ACQ_word_size=_32_BIT
##$NECHOES=1
##$ACQ_n_echo_images=1
##$ACQ_n_movie_frames=1
$$ @vis= ACQ_total_completed ACQ_word_size NECHOES ACQ_n_echo_images
##$ACQ_echo_descr=( 1, 20 )
<>
##$ACQ_movie_descr=( 1, 20 )
<>
##$ACQ_fov=( 2 )
3.6 3.6
##$ACQ_read_ext=1
$$ @vis= ACQ_n_movie_frames ACQ_echo_descr ACQ_movie_descr ACQ_fov
##$ACQ_slice_angle=( 1 )
0
##$ACQ_slice_orient=Arbitrary_Oblique
##$ACQ_patient_pos=Head_Supine
##$ACQ_read_offset=( 15 )
0 0 0 0 0 0 0 0 0 0 0 0 0 0 0
$$ @vis= ACQ_read_ext ACQ_slice_angle ACQ_slice_orient ACQ_patient_pos
##$ACQ_phase1_offset=( 15 )
-2.66667 -2.66667 -2.66667 -2.66667 -2.66667 -2.66667 -2.66667 -2.66667 
-2.66667 -2.66667 -2.66667 -2.66667 -2.66667 -2.66667 -2.66667
##$ACQ_phase2_offset=( 15 )
0 0 0 0 0 0 0 0 0 0 0 0 0 0 0
##$ACQ_slice_sepn=( 1 )
1.2
##$ACQ_slice_sepn_mode=Contiguous
$$ @vis= ACQ_read_offset ACQ_phase1_offset ACQ_phase2_offset ACQ_slice_sepn
##$ACQ_slice_thick=1
##$ACQ_slice_offset=( 15 )
-9.64208 -8.44208 -7.24208 -6.04208 -4.84208 -3.64208 -2.44208 -1.24208 
-0.0420800000000001 1.15792 2.35792 3.55792 4.75792 5.95792 7.15792
##$ACQ_obj_order=( 15 )
0 1 2 3 4 5 6 7 8 9 10 11 12 13 14
##$ACQ_flip_angle=77
$$ @vis= ACQ_slice_sepn_mode ACQ_slice_thick ACQ_slice_offset ACQ_obj_order
##$ACQ_flipback=No
##$ACQ_echo_time=( 1 )
15
##$ACQ_inter_echo_time=( 1 )
0.36
##$ACQ_recov_time=( 1 )
2997.5
$$ @vis= ACQ_flip_angle ACQ_flipback ACQ_echo_time ACQ_inter_echo_time
##$ACQ_repetition_time=( 1 )
3000
##$ACQ_scan_time=0
##$ACQ_inversion_time=( 1 )
0
##$ACQ_temporal_delay=( 1 )
0
$$ @vis= ACQ_recov_time ACQ_repetition_time ACQ_scan_time ACQ_inversion_time
##$ACQ_time=<2022-03-25T15:16:45,921+0800>
##$ACQ_time_points=( 11 )
0 12 24 36 48 60 72 84 96 108 120
##$ACQ_abs_time=(1648192605, 921, 480)
##$ACQ_operator=( 16 )
<mri>
$$ @vis= ACQ_temporal_delay ACQ_time ACQ_time_points ACQ_abs_time
##$ACQ_RF_power=0
##$ACQ_transmitter_coil=( 16 )
<>
##$ACQ_contrast_agent=( 20 )
<>
##$ACQ_trigger_enable=No
$$ @vis= ACQ_operator ACQ_RF_power ACQ_transmitter_coil ACQ_contrast_agent
##$ACQ_institution=( 48 )
<Shanghai Institute for Biological Sciences>
##$ACQ_station=( 64 )
<BioSpec 94/30 USR AV3HD>
##$ACQ_system_order_number=( 24 )
<10239849>
$$ @vis= ACQ_trigger_enable ACQ_institution ACQ_station
##$ACQ_sw_version=( 65 )
<PV 6.0.1>
##$ACQ_grad_str_X=0
##$ACQ_grad_str_Y=0
##$ACQ_grad_str_Z=0
$$ @vis= ACQ_system_order_number ACQ_sw_version ACQ_grad_str_X ACQ_grad_str_Y
##$ACQ_position_X=0
##$ACQ_position_Y=0
##$ACQ_position_Z=0
##$BYTORDA=little
##$INSTRUM=( 64 )
<spect>
$$ @vis= ACQ_grad_str_Z ACQ_position_X ACQ_position_Y ACQ_position_Z BYTORDA
##$ACQ_adc_overflow=( 8 )
No No No No No No No No
##$GRPDLY=68.0593719482422
##$FRQLO3=0
##$ACQ_CalibratedRG=( 8, 1 )
96.19 95.58 97.25 101.35 102.76 102.71 89.14 99.3
##$FQ1LIST=( 16 )
<ACQ_O1_list>
$$ @vis= INSTRUM ACQ_adc_overflow GRPDLY FRQLO3 ACQ_CalibratedRG ACQ_INFO
##$FQ2LIST=( 16 )
<ACQ_O2_list>
##$FQ3LIST=( 16 )
<ACQ_O3_list>
##$FQ8LIST=( 16 )
<ACQ_O1B_list>
##$SPW=( 64 )
83.1553994995316 403.999899674115 338.210660867871 83.1553994995316 
83.1553994995316 146.699515188121 184.942962304634 184.942962304634 
184.942962304634 184.942962304634 184.942962304634 184.942962304634 0 0 0 0 0 
0 0 0 0 0 0 0 0 0 0 0 0 0 0 0 0 0 0 0 0 0 0 0 90.7619045991015 
447.485011755623 0 0 0 448.549482539427 0 0 0 0 0 0 0 0 0 0 0 0 0 0 0 0 0 0
##$SPOAL=( 64 )
0.5 0 0.5 0.5 0.5 0.5 0.5 0.5 0.5 0.5 0.5 0.5 0.5 0.5 0.5 0.5 0.5 0.5 0.5 0.5 
0.5 0.5 0.5 0.5 0.5 0.5 0.5 0.5 0.5 0.5 0.5 0.5 0.5 0.5 0.5 0.5 0.5 0.5 0.5 
0.5 0.5 0.5 0.5 0.5 0.5 0.5 0.5 0.5 0.5 0.5 0.5 0.5 0.5 0.5 0.5 0.5 0.5 0.5 
0.5 0.5 0.5 0.5 0.5 0.5
##$SPOFFS=( 64 )
0 0 0 0 0 0 0 0 0 0 0 0 0 0 0 0 0 0 0 0 0 0 0 0 0 0 0 0 0 0 0 0 0 0 0 0 0 0 0 
0 0 0 0 0 0 0 0 0 0 0 0 0 0 0 0 0 0 0 0 0 0 0 0 0
##$SPNAM0=( 64 )
<RefRFSB00.exc>
##$SPNAM1=( 64 )
<$RefPulseShape>
##$SPNAM2=( 64 )
<MB2x15RF.exc>
$$ @vis= FQ1LIST FQ2LIST FQ3LIST FQ8LIST SPW SPOAL SPOFFS SPNAM0 SPNAM1
##$SPNAM3=( 64 )
<MB2x15RFRefSB01.exc>
##$SPNAM4=( 64 )
<MB2x15RFRefSB02.exc>
##$SPNAM5=( 64 )
<MB3x10RFRefSB03.exc>
##$SPNAM6=( 64 )
<$RefPulse04Shape>
##$SPNAM7=( 64 )
<$RefPulse05Shape>
##$SPNAM8=( 64 )
<$RefPulse06Shape>
##$SPNAM9=( 64 )
<$RefPulse07Shape>
##$SPNAM10=( 64 )
<$RefPulse08Shape>
##$SPNAM11=( 64 )
<$RefPulse09Shape>
$$ @vis= SPNAM2 SPNAM3 SPNAM4 SPNAM5 SPNAM6 SPNAM7 SPNAM8 SPNAM9 SPNAM10
##$SPNAM12=( 64 )
<>
##$SPNAM13=( 64 )
<>
##$SPNAM14=( 64 )
<>
##$SPNAM15=( 64 )
<>
##$SPNAM16=( 64 )
<>
##$SPNAM17=( 64 )
<>
##$SPNAM18=( 64 )
<>
##$SPNAM19=( 64 )
<>
$$ @vis= SPNAM11 SPNAM12 SPNAM13 SPNAM14 SPNAM15 SPNAM16 SPNAM17 SPNAM18
##$SPNAM20=( 64 )
<>
##$SPNAM21=( 64 )
<>
##$SPNAM22=( 64 )
<>
##$SPNAM23=( 64 )
<>
##$SPNAM24=( 64 )
<>
##$SPNAM25=( 64 )
<>
##$SPNAM26=( 64 )
<>
##$SPNAM27=( 64 )
<>
$$ @vis= SPNAM19 SPNAM20 SPNAM21 SPNAM22 SPNAM23 SPNAM24 SPNAM25 SPNAM26
##$SPNAM28=( 64 )
<>
##$SPNAM29=( 64 )
<>
##$SPNAM30=( 64 )
<>
##$SPNAM31=( 64 )
<>
##$SPNAM32=( 64 )
<>
##$SPNAM33=( 64 )
<>
##$SPNAM34=( 64 )
<>
##$SPNAM35=( 64 )
<>
$$ @vis= SPNAM27 SPNAM28 SPNAM29 SPNAM30 SPNAM31 SPNAM32 SPNAM33 SPNAM34
##$SPNAM36=( 64 )
<>
##$SPNAM37=( 64 )
<>
##$SPNAM38=( 64 )
<>
##$SPNAM39=( 64 )
<>
##$SPNAM40=( 64 )
<$PVM_FatSupPulShape>
##$SPNAM41=( 64 )
<$PVM_FovSatPulShape>
##$SPNAM42=( 64 )
<>
##$SPNAM43=( 64 )
<>
$$ @vis= SPNAM35 SPNAM36 SPNAM37 SPNAM38 SPNAM39 SPNAM40 SPNAM41 SPNAM42
##$SPNAM44=( 64 )
<>
##$SPNAM45=( 64 )
<bp.exc>
##$SPNAM46=( 64 )
<>
##$SPNAM47=( 64 )
<>
##$SPNAM48=( 64 )
<>
##$SPNAM49=( 64 )
<>
##$SPNAM50=( 64 )
<>
##$SPNAM51=( 64 )
<>
$$ @vis= SPNAM43 SPNAM44 SPNAM45 SPNAM46 SPNAM47 SPNAM48 SPNAM49 SPNAM50
##$SPNAM52=( 64 )
<>
##$SPNAM53=( 64 )
<>
##$SPNAM54=( 64 )
<>
##$SPNAM55=( 64 )
<>
##$SPNAM56=( 64 )
<>
##$SPNAM57=( 64 )
<>
##$SPNAM58=( 64 )
<>
##$SPNAM59=( 64 )
<>
$$ @vis= SPNAM51 SPNAM52 SPNAM53 SPNAM54 SPNAM55 SPNAM56 SPNAM57 SPNAM58
##$SPNAM60=( 64 )
<>
##$SPNAM61=( 64 )
<>
##$SPNAM62=( 64 )
<>
##$SPNAM63=( 64 )
<>
##$HPPRGN=normal
##$LOCNUC=( 8 )
<off>
##$QNP=1
##$SOLVENT=( 16 )
<>
$$ @vis= SPNAM59 SPNAM60 SPNAM61 SPNAM62 SPNAM63 SPNAMES HPPRGN LOCNUC QNP
##$DIGMOD=digital_mode
##$DIGTYP=DRU
##$DQDMODE=DQDMODE_add
##$DSPFIRM=DSP_standard
##$DECIM=100
##$DSPFVS=20
##$ACQ_scan_shift=-136
$$ @vis= SOLVENT HIRES DIGMOD DIGTYP DQDMODE DSPFIRM DECIM DSPFVS
##$DEOSC=11065.5
##$DE=6
##$HDDUTY=20
##$HDRATE=1
##$ACQ_n_trim=1
$$ @vis= ACQ_scan_shift DEOSC DE HDDUTY HDRATE AVANCE_PARS ACQ_n_trim
##$ACQ_scaling_read=1
##$ACQ_scaling_phase=1
##$ACQ_scaling_slice=1
##$ACQ_grad_matrix_size=15
$$ @vis= ACQ_trim_values ACQ_scaling_read ACQ_scaling_phase ACQ_scaling_slice
##$ACQ_grad_matrix=( 15, 3, 3 )
1 0 0 0 1 0 0 0 1 1 0 0 0 1 0 0 0 1 1 0 0 0 1 0 0 0 1 1 0 0 0 1 0 0 0 1 1 0 0 
0 1 0 0 0 1 1 0 0 0 1 0 0 0 1 1 0 0 0 1 0 0 0 1 1 0 0 0 1 0 0 0 1 1 0 0 0 1 0 
0 0 1 1 0 0 0 1 0 0 0 1 1 0 0 0 1 0 0 0 1 1 0 0 0 1 0 0 0 1 1 0 0 0 1 0 0 0 1 
1 0 0 0 1 0 0 0 1 1 0 0 0 1 0 0 0 1
##$NSLICES=15
##$ACQ_rare_factor=1
##$ACQ_phase_encoding_mode=( 2 )
Read Linear
$$ @vis= ACQ_grad_matrix_size ACQ_grad_matrix NSLICES ACQ_rare_factor
##$ACQ_phase_enc_start=( 2 )
-1 -1
##$ACQ_gradient_amplitude=( 100 )
13.5604712263751 -11.0833828056321 19.2620329920101 30 0 0 0 0 0 0 0 0 0 0 0 
0 0 0 0 0 0 0 0 0 0 0 0 0 0 0 0 0 0 0 0 0 0 0 0 0 0 0 0 0 0 0 0 0 0 0 0 0 0 0 
0 0 0 0 0 0 0 0 0 0 0 0 0 0 0 0 0 0 0 0 0 0 0 0 0 0 0 0 0 0 0 0 0 0 0 0 0 0 0 
0 0 0 0 0 0 0
$$ @vis= ACQ_phase_encoding_mode ACQ_phase_enc_start ACQ_gradient_amplitude
##$GS_dim=2
##$GS_disp_update=Each_Accum
##$GS_online_reco=Yes
##$GS_reco_display=Yes
##$GS_shuffle_profiles=Yes
$$ @vis= GRAD_PARS GS_dim GS_disp_update GS_online_reco GS_reco_display
##$GS_typ=Spectrometer_Parameters
##$GS_info_dig_filling=Yes
##$GS_info_normalized_area=No_info
$$ @vis= GS_shuffle_profiles GS_typ GS_info_dig_filling
##$GS_info_max_point=No_info
##$GS_get_info_points=No_info
##$GS_continue=Exit_gsauto
$$ @vis= GS_info_normalized_area GS_info_max_point GS_get_info_points
##$GO_init_files=No
##$GO_data_save=Yes
##$GO_block_size=continuous
##$GO_raw_data_format=GO_32BIT_SGN_INT
$$ @vis= GS_continue GS GO_init_files GO_data_save GO_block_size
##$GO_disp_update=Each_Accum
##$GO_online_reco=Yes
##$GO_reco_display=Yes
##$GO_reco_each_nr=Yes
$$ @vis= GO_raw_data_format GO_disp_update GO_online_reco GO_reco_display
##$GO_max_reco_mem=0
##$GO_time_est=Yes
##$GO_use_macro=No
##$GO_macro=( 4096 )
<>
##$GO_LogTimestamp=No
$$ @vis= GO_reco_each_nr GO_max_reco_mem GO_time_est GO_use_macro
##$ACQ_DriftCompActive=No
##$ACQ_DriftCompJob=1
##$ACQ_DriftCompFilterWidth=1
$$ @vis= GO_LogTimestamp GO ACQ_DriftCompActive ACQ_DriftCompJob
##$ACQ_DriftCompStep=1
##$ACQ_DriftCompOffset=0
##$ACQ_DriftCompDebug=No
$$ @vis= ACQ_DriftCompFilterWidth ACQ_DriftCompStep ACQ_DriftCompOffset
##$ACQ_MPI_field_steps=1
##$ACQ_MPI_drive_field_cycle=0
$$ @vis= ACQ_DriftCompDebug Drift ACQ_MPI_field_steps
##$ACQ_MPI_selection_field_gradient=0
##$ACQ_MPI_base_frequency=0
$$ @vis= ACQ_MPI_drive_field_cycle ACQ_MPI_selection_field_gradient
##$ACQ_MPI_drive_field_strength=( 3 )
0 0 0
##$ACQ_MPI_div=( 3 )
0 0 0
##$ACQ_MPI_frequency_select=( 3 )
Yes Yes Yes
$$ @vis= ACQ_MPI_base_frequency ACQ_MPI_drive_field_strength ACQ_MPI_div
$$ @vis= ACQ_MPI_frequency_select MPI ACQP
##END=
$$ File finished by PARX at 2022-03-25 15:19:10.487 +0800
