##TITLE=Parameter List, ParaVision 6.0.1
##JCAMPDX=4.24
##DATATYPE=Parameter Values
##ORIGIN=Bruker BioSpin MRI GmbH
##OWNER=mri
$$ 2022-03-25 15:19:07.339 +0800  mri@CZC628941P
$$ /opt/PV6.0.1/data/mri/20220325_145341_20220325_cdn_marmoset_f4_1_1/12/pdata/1/visu_pars
$$ process /opt/PV6.0.1/prog/bin/parxserver
##$VisuVersion=3
##$VisuUid=( 65 )
<2.16.756.5.5.100.8323328.78730.1648192747.1>
##$VisuCreator=( 65 )
<ParaVision>
##$VisuCreatorVersion=( 65 )
<6.0.1>
##$VisuCreationDate=<2022-03-25T15:19:07,337+0800>
##$VisuInstanceModality=( 65 )
<MR>
$$ @vis= VisuVersion VisuUid VisuCreator VisuCreatorVersion VisuCreationDate
##$VisuCoreFrameCount=165
##$VisuCoreDim=2
##$VisuCoreSize=( 2 )
72 72
$$ @vis= VisuInstanceModality VisuInstance VisuCoreFrameCount VisuCoreDim
##$VisuCoreDimDesc=( 2 )
spatial spatial
##$VisuCoreExtent=( 2 )
36 36
##$VisuCoreFrameThickness=( 1 )
1
##$VisuCoreUnits=( 2, 65 )
<mm> <mm>
$$ @vis= VisuCoreSize VisuCoreDimDesc VisuCoreExtent VisuCoreFrameThickness
##$VisuCoreOrientation=( 15, 9 )
1 0 0 0 1 0 0 0 1 1 0 0 0 1 0 0 0 1 1 0 0 0 1 0 0 0 1 1 0 0 0 1 0 0 0 1 1 0 0 
0 1 0 0 0 1 1 0 0 0 1 0 0 0 1 1 0 0 0 1 0 0 0 1 1 0 0 0 1 0 0 0 1 1 0 0 0 1 0 
0 0 1 1 0 0 0 1 0 0 0 1 1 0 0 0 1 0 0 0 1 1 0 0 0 1 0 0 0 1 1 0 0 0 1 0 0 0 1 
1 0 0 0 1 0 0 0 1 1 0 0 0 1 0 0 0 1
##$VisuCorePosition=( 15, 3 )
-18 -15.33333 -9.64208 -18 -15.33333 -8.44208 -18 -15.33333 -7.24208 -18 
-15.33333 -6.04208 -18 -15.33333 -4.84208 -18 -15.33333 -3.64208 -18 
-15.33333 -2.44208 -18 -15.33333 -1.24208 -18 -15.33333 -0.0420800000000001 
-18 -15.33333 1.15792 -18 -15.33333 2.35792 -18 -15.33333 3.55792 -18 
-15.33333 4.75792 -18 -15.33333 5.95792 -18 -15.33333 7.15792
##$VisuCoreDataMin=( 165 )
3.16309824751119 2.73518190431031 3.96620816299489 4.68085880160937 
3.95651242141251 3.42377041713093 4.24627390748967 4.20569658748552 
3.41680416671976 2.63276948054949 1.98583910019709 2.38520510935101 
1.78411966426766 2.34438994923663 1.79620231413229 1.12464749200372 
1.46110972676354 1.65168814802887 1.77513152876873 2.19138483985167 
3.14843216204921 2.79830947338216 4.26828958310778 7.18577433259046 
8.64430609716548 8.70438802275344 7.17481526046955 5.51295374380716 
4.73437006633417 5.07015711554675 1.23488515078425 1.20255373372988 
1.5206490524283 1.46135121039942 0.952779760044655 1.88570179533962 
1.94190932533612 1.53577032209437 2.21074456827287 4.6030589770713 
3.26827759331465 3.43420643405621 5.5311926084661 6.20281947726179 
4.59029663450643 1.22454122476742 0.999084967882121 1.40055754418136 
1.40337578892897 1.49035731845354 1.48407585564329 2.1591275400697 
2.50938379427026 2.65312831638898 2.65045200273437 3.47549343241318 
3.01447180179534 3.6856125182079 3.37345959151213 3.16380185615029 
1.85471302500823 1.58854571592693 1.4005653309677 2.34777676866744 
2.06074422870961 2.02491549278316 1.95904441182728 2.57521232193467 
3.13587447201354 3.22765042814912 2.97164763294199 2.76772065813958 
3.90219239530706 3.93072439723368 5.73193710035863 1.24938589148399 
1.70554611368539 1.74500215184704 2.41994793577293 2.64169843922215 
2.29746946843197 3.39394015928314 4.24433260613366 5.66184654686843 
5.36626001793256 5.39595672433674 7.61690405483497 6.95824363911462 
6.15017733229984 4.25704934724568 6.28220165661228 4.73606422182205 
4.37711020597995 5.18891480614378 5.20546387612137 3.01123432868197 
4.5903550600969 4.23997340300704 2.79871656910465 2.15224194625777 
2.42154945713634 1.95235164141366 2.22773359261357 1.87808593417491 
2.31121244658308 6.35525468338202 4.87841607987048 4.77949446827711 
3.97507394951419 3.3101143918504 3.32562065059625 3.39477055165268 
3.02365267088014 2.7256819198483 1.89659972897904 2.15990939594713 
1.59549702143934 1.13504396779356 1.88105906007711 0.988891445962079 
5.17701358099514 4.32569289999169 2.40819380666827 2.74205401509948 
3.1909889082182 2.6719030079617 2.23770310252101 2.12779928389273 
2.04617551545532 1.53354697929804 1.80688313474548 1.51178404714071 
1.46048119662338 1.57298061842602 1.10138491179904 5.52572757614895 
3.06851657273124 6.95114877723487 6.95776576727859 5.8256829905849 
2.25529920169918 3.09165653494492 2.45654251740043 3.3836123834657 
3.02654231552568 2.15569305663833 1.994402029268 1.85242106362822 
1.29791567420953 1.37228977224806 3.34014640955035 4.05938611526563 
5.65334524327417 5.18217592906578 4.39972069997387 3.14854547818952 
3.27632746970918 2.83586288095014 2.52541116584566 2.28267906210003 
2.35622261659357 2.85412234775695 2.77963857287566 1.98877617648366 
2.08281699338794
##$VisuCoreDataMax=( 165 )
4873.89380230591 5258.21082833774 6354.31537938026 5118.88564825377 
3907.97881861267 3375.84928224113 6734.64615232945 6754.58460685411 8191.625 
7780.68250228723 6461.8185389701 7494.65148616096 7245.34732093155 
7365.36651127851 3263.82537531352 412.918310054045 467.784926987056 
407.508513390309 456.270536876992 480.358173918166 461.476386809337 
455.482572212785 389.581067867938 456.283705549133 414.051067193652 
530.233746390444 534.998782918163 563.420520570402 661.946015725497 
788.678693013281 764.297335339278 816.728802555607 733.847323415499 
826.444796188332 684.619356844706 726.040868769548 606.717281939631 
685.891366236055 737.627524794713 772.03678243489 829.833568967081 
880.418934382987 984.498076535276 1112.27156626318 1371.78801330393 
1832.13830670245 3005.37064847894 2568.2237195684 2767.89847846005 
1883.97924811474 2288.67889648921 1984.98480711808 2594.73073978045 
2883.09308983361 4156.82735386841 4365.94110056732 3722.13359498293 
2521.03088892348 4399.14666894812 6389.52095093285 731.415235006619 
757.188046944082 676.350396664461 810.103288421292 692.944086166652 
600.141091954359 629.184852917016 643.486485037586 783.830687668913 
800.043696895331 826.955835487709 865.552485135304 987.375019985553 
1143.51915248894 1401.68878947356 411.415577901816 410.619881963622 
378.363195527808 432.145146571331 400.573262967668 405.941179746346 
423.029508338181 378.500273795578 437.875429621976 400.904106756297 
393.161167548417 416.122827720224 492.129593536446 683.630093821425 
775.527578248313 695.875992251358 729.333149240262 625.079600080424 
698.245147100593 684.500728637976 649.058164648835 638.280377673258 
637.467662538147 481.485345798799 499.791060369309 627.297440923062 
789.262307257749 822.070033523367 769.107577823802 725.318784399901 
1200.5282705785 1300.04784663053 1350.7441776279 1318.94653927798 
1242.68540141988 1158.75082140503 1262.97931003841 1008.36579896785 
970.608540777921 794.883633556032 987.938235520944 1243.31289678081 
1114.29931903835 1167.48660440616 1045.95783269736 5861.6339851882 
6613.80641758653 5672.25044699435 5995.08182630459 5364.90044853589 
5828.31903237805 3989.15230912776 2888.44820273668 2313.92505530208 
1948.92761455893 3564.36448587902 2812.59061414779 2565.030246145 
2483.19483558731 2834.4395586293 1167.85598031153 1182.62986613246 
1189.85972191768 1297.70587240514 1203.34538763324 1244.83612609056 
1210.16183456888 964.160734469741 923.813943990929 724.945045203071 
925.06456473332 992.954336542998 911.553051159644 981.375727951865 
1099.72861157378 596.448670786122 643.403857686372 653.013240402355 
682.554900046182 620.274410356336 608.241359740325 573.661015341413 
519.259460029032 482.967455136143 403.78699115024 483.712485187408 
529.905642808139 669.008463954219 668.185626403586 725.064094062723
$$ @vis= VisuCoreUnits VisuCoreOrientation VisuCorePosition VisuCoreDataMin
##$VisuCoreDataOffs=( 165 )
0 0 0 0 0 0 0 0 0 0 0 0 0 0 0 0 0 0 0 0 0 0 0 0 0 0 0 0 0 0 0 0 0 0 0 0 0 0 0 
0 0 0 0 0 0 0 0 0 0 0 0 0 0 0 0 0 0 0 0 0 0 0 0 0 0 0 0 0 0 0 0 0 0 0 0 0 0 0 
0 0 0 0 0 0 0 0 0 0 0 0 0 0 0 0 0 0 0 0 0 0 0 0 0 0 0 0 0 0 0 0 0 0 0 0 0 0 0 
0 0 0 0 0 0 0 0 0 0 0 0 0 0 0 0 0 0 0 0 0 0 0 0 0 0 0 0 0 0 0 0 0 0 0 0 0 0 0 
0 0 0 0 0 0 0 0 0
##$VisuCoreDataSlope=( 165 )
0.755972313456672 0.755972313456672 0.755972313456672 0.755972313456672 
0.755972313456672 0.755972313456672 0.755972313456672 0.755972313456672 
0.755972313456672 0.755972313456672 0.755972313456672 0.755972313456672 
0.755972313456672 0.755972313456672 0.755972313456672 0.755972313456672 
0.755972313456672 0.755972313456672 0.755972313456672 0.755972313456672 
0.755972313456672 0.755972313456672 0.755972313456672 0.755972313456672 
0.755972313456672 0.755972313456672 0.755972313456672 0.755972313456672 
0.755972313456672 0.755972313456672 0.755972313456672 0.755972313456672 
0.755972313456672 0.755972313456672 0.755972313456672 0.755972313456672 
0.755972313456672 0.755972313456672 0.755972313456672 0.755972313456672 
0.755972313456672 0.755972313456672 0.755972313456672 0.755972313456672 
0.755972313456672 0.755972313456672 0.755972313456672 0.755972313456672 
0.755972313456672 0.755972313456672 0.755972313456672 0.755972313456672 
0.755972313456672 0.755972313456672 0.755972313456672 0.755972313456672 
0.755972313456672 0.755972313456672 0.755972313456672 0.755972313456672 
0.755972313456672 0.755972313456672 0.755972313456672 0.755972313456672 
0.755972313456672 0.755972313456672 0.755972313456672 0.755972313456672 
0.755972313456672 0.755972313456672 0.755972313456672 0.755972313456672 
0.755972313456672 0.755972313456672 0.755972313456672 0.755972313456672 
0.755972313456672 0.755972313456672 0.755972313456672 0.755972313456672 
0.755972313456672 0.755972313456672 0.755972313456672 0.755972313456672 
0.755972313456672 0.755972313456672 0.755972313456672 0.755972313456672 
0.755972313456672 0.755972313456672 0.755972313456672 0.755972313456672 
0.755972313456672 0.755972313456672 0.755972313456672 0.755972313456672 
0.755972313456672 0.755972313456672 0.755972313456672 0.755972313456672 
0.755972313456672 0.755972313456672 0.755972313456672 0.755972313456672 
0.755972313456672 0.755972313456672 0.755972313456672 0.755972313456672 
0.755972313456672 0.755972313456672 0.755972313456672 0.755972313456672 
0.755972313456672 0.755972313456672 0.755972313456672 0.755972313456672 
0.755972313456672 0.755972313456672 0.755972313456672 0.755972313456672 
0.755972313456672 0.755972313456672 0.755972313456672 0.755972313456672 
0.755972313456672 0.755972313456672 0.755972313456672 0.755972313456672 
0.755972313456672 0.755972313456672 0.755972313456672 0.755972313456672 
0.755972313456672 0.755972313456672 0.755972313456672 0.755972313456672 
0.755972313456672 0.755972313456672 0.755972313456672 0.755972313456672 
0.755972313456672 0.755972313456672 0.755972313456672 0.755972313456672 
0.755972313456672 0.755972313456672 0.755972313456672 0.755972313456672 
0.755972313456672 0.755972313456672 0.755972313456672 0.755972313456672 
0.755972313456672 0.755972313456672 0.755972313456672 0.755972313456672 
0.755972313456672 0.755972313456672 0.755972313456672 0.755972313456672 
0.755972313456672 0.755972313456672 0.755972313456672 0.755972313456672 
0.755972313456672
##$VisuCoreFrameType=( 1 )
MAGNITUDE_IMAGE
##$VisuCoreSlicePacksDef=(0, 1)
$$ @vis= VisuCoreDataMax VisuCoreDataOffs VisuCoreDataSlope VisuCoreFrameType
##$VisuCoreSlicePacksSlices=( 1 )
(0, 15)
##$VisuCoreSlicePacksSliceDist=( 1 )
1.2
$$ @vis= VisuCoreSlicePacksDef VisuCoreSlicePacksSlices
##$VisuCoreWordType=_16BIT_SGN_INT
##$VisuCoreByteOrder=littleEndian
$$ @vis= VisuCoreSlicePacksSliceDist VisuCore VisuCoreWordType
##$VisuFGOrderDescDim=2
##$VisuFGOrderDesc=( 2 )
(15, <FG_SLICE>, <>, 0, 2) (11, <FG_CYCLE>, <>, 2, 0)
##$VisuGroupDepVals=( 2 )
(<VisuCoreOrientation>, 0) (<VisuCorePosition>, 0)
$$ @vis= VisuCoreByteOrder VisuPixel VisuFGOrderDescDim VisuFGOrderDesc
##$VisuSubjectName=( 65 )
<20220325_cdn_marmoset_f4>
##$VisuSubjectId=( 65 )
<20220325_cdn_marmoset_f4>
##$VisuSubjectUid=( 65 )
<2.16.756.5.5.100.8323328.10831.1648191221.1223>
$$ @vis= VisuGroupDepVals VisuFrameOrderDesc VisuSubjectName VisuSubjectId
##$VisuSubjectInstanceCreationDate=(1648191221, 618, 480)
##$VisuSubjectBirthDate=( 9 )
<20220325>
##$VisuSubjectSex=UNKNOWN
$$ @vis= VisuSubjectUid VisuSubjectInstanceCreationDate VisuSubjectBirthDate
##$VisuSubjectType=Biped
##$VisuStudyUid=( 65 )
<2.16.756.5.5.100.8323328.10831.1648191221.1224>
##$VisuStudyDate=<2022-03-25T14:53:41,618+0800>
$$ @vis= VisuSubjectSex VisuSubjectType VisuSubject VisuStudyUid
##$VisuStudyId=( 65 )
<20220325_cdn_marmoset_f4>
##$VisuStudyNumber=1
##$VisuSubjectWeight=0.001
##$VisuStudyReferringPhysician=( 65 )
<mri>
$$ @vis= VisuStudyDate VisuStudyId VisuStudyNumber VisuSubjectWeight
##$VisuStudyDescription=( 2048 )
<\
>
##$VisuExperimentNumber=12
$$ @vis= VisuStudyReferringPhysician VisuStudyDescription VisuStudy
##$VisuProcessingNumber=1
##$VisuSeriesDate=<2022-03-25T15:19:07,337+0800>
##$VisuSubjectPosition=Head_Supine
$$ @vis= VisuExperimentNumber VisuProcessingNumber VisuSeriesDate
##$VisuSeriesTypeId=( 65 )
<ACQ_USER_PVM>
##$VisuSeriesComment=( 65 )
<multiBandsEPI_ref>
$$ @vis= VisuSubjectPosition VisuSeriesTypeId VisuSeriesComment VisuSeries
##$VisuManufacturer=( 65 )
<Bruker BioSpin MRI GmbH>
##$VisuAcqSoftwareVersion=( 65 )
<6.0.1>
$$ @vis= VisuCoilReceive VisuCoilTransmit VisuContrastAgent VisuManufacturer
##$VisuInstitution=( 65 )
<Shanghai Institute for Biological Sciences>
##$VisuStation=( 65 )
<BioSpec 94/30 USR AV3HD>
##$VisuSystemOrderNumber=( 65 )
<10239849>
$$ @vis= VisuAcqSoftwareVersion VisuInstitution VisuStation
##$VisuAcqDate=<2022-03-25T15:16:45,921+0800>
##$VisuAcqEchoTrainLength=28
$$ @vis= VisuSystemOrderNumber VisuEquipment VisuAcqDate
##$VisuAcqSequenceName=( 40 )
<User:multiBandsEPI>
##$VisuAcqNumberOfAverages=4
##$VisuAcqImagingFrequency=400.314136997127
$$ @vis= VisuAcqEchoTrainLength VisuAcqSequenceName VisuAcqNumberOfAverages
##$VisuAcqImagedNucleus=( 8 )
<1H>
##$VisuAcqRepetitionTime=( 1 )
3000
##$VisuAcqPhaseEncSteps=28
$$ @vis= VisuAcqImagingFrequency VisuAcqImagedNucleus VisuAcqRepetitionTime
##$VisuAcqPixelBandwidth=2777.77777777778
##$VisuAcqFlipAngle=77
##$VisuAcqSize=( 2 )
72 28
$$ @vis= VisuAcqPhaseEncSteps VisuAcqPixelBandwidth VisuAcqFlipAngle
##$VisuAcqImageSizeAccellerated=Yes
##$VisuAcqGradEncoding=( 2 )
read_enc phase_enc
##$VisuAcqEchoTime=( 1 )
15
$$ @vis= VisuAcqSize VisuAcqImageSizeAccellerated VisuAcqGradEncoding
##$VisuAcquisitionProtocol=( 65 )
<multiBandsEPI>
##$VisuAcqScanTime=132000
##$VisuAcqAntiAlias=( 2 )
1 1
$$ @vis= VisuAcqEchoTime VisuAcquisitionProtocol VisuAcqScanTime
##$VisuAcqEchoSequenceType=Both
##$VisuAcqSpinsVelocityEncoded=No
##$VisuAcqHasTimeOfFlightContrast=No
$$ @vis= VisuAcqAntiAlias VisuAcqEchoSequenceType VisuAcqSpinsVelocityEncoded
##$VisuAcqIsEpiSequence=Yes
##$VisuAcqSpectralSuppression=NoSuppression
$$ @vis= VisuAcqHasTimeOfFlightContrast VisuAcqIsEpiSequence
##$VisuAcqKSpaceTraversal=RectilinearTraversal
##$VisuAcqEncodingOrder=( 2 )
LinearEncoding LinearEncoding
$$ @vis= VisuAcqSpectralSuppression VisuAcqKSpaceTraversal
##$VisuAcqKSpaceTrajectoryCnt=1
##$VisuAcqKSpaceFiltering=( 2 )
NO_WDW NO_WDW
$$ @vis= VisuAcqEncodingOrder VisuAcqKSpaceTrajectoryCnt
##$VisuAcqFlowCompensation=FlowNone
##$VisuAcqSpoiling=GradientSpoiled
##$VisuAcqSaturation=( 1 )
(FovSaturation, 15, -0.00189925321811882 -0.999977223703315 
-0.0064764891587626, 0.04330319754984 22.7995987318928 0.147664717266652)
$$ @vis= VisuAcqKSpaceFiltering VisuAcqFlowCompensation VisuAcqSpoiling
##$VisuAcqPartialFourier=( 2 )
1 1
##$VisuAcqParallelReductionFactor=( 2 )
1 2
$$ @vis= VisuAcqSaturation VisuAcqPartialFourier
##$VisuAcqMagnetizationTransfer=No
##$VisuAcqBloodSignalNulling=No
$$ @vis= VisuAcqParallelReductionFactor VisuAcqMagnetizationTransfer
##$VisuCardiacSynchUsed=No
##$VisuRespSynchUsed=No
$$ @vis= VisuAcqBloodSignalNulling VisuCardiacSynchUsed VisuRespSynchUsed
$$ @vis= VisuAcquisition VisuMpi VisuDepricated Visu
##END=
$$ File finished by PARX at 2022-03-25 15:19:07.340 +0800
